GEM
  remote: https://rubygems.org/
  specs:
    codacy-coverage (1.1.6)
      simplecov
    codeclimate-test-reporter (1.0.8)
      simplecov (<= 0.13)
    coderay (1.1.1)
    docile (1.1.5)
    json (2.1.0)
    method_source (0.8.2)
    minitest (5.10.3)
    mustermann (1.0.0)
    pry (0.10.4)
      coderay (~> 1.1.0)
      method_source (~> 0.8.1)
      slop (~> 3.4)
    puma (3.9.1)
    rack (2.0.3)
    rack-protection (2.0.0)
      rack
    rack-test (0.7.0)
      rack (>= 1.0, < 3)
    rake (12.0.0)
    simplecov (0.13.0)
      docile (~> 1.1.0)
      json (>= 1.8, < 3)
      simplecov-html (~> 0.10.0)
    simplecov-html (0.10.1)
    sinatra (2.0.0)
      mustermann (~> 1.0)
      rack (~> 2.0)
      rack-protection (= 2.0.0)
      tilt (~> 2.0)
    slop (3.6.0)
    tilt (2.0.8)

PLATFORMS
  ruby

DEPENDENCIES
  codacy-coverage
  codeclimate-test-reporter
  minitest
  pry
  puma
  rack-test
  rake
  simplecov
  sinatra


RUBY VERSION
   ruby 2.4.1p111

BUNDLED WITH
   1.15.0
