GEM
  remote: https://rubygems.org/
  specs:
    ast (2.4.1)
    coderay (1.1.2)
    method_source (1.0.0)
    minitest (5.14.2)
    mustermann (1.1.1)
      ruby2_keywords (~> 0.0.1)
    nio4r (2.5.2)
    parallel (1.19.2)
    parser (2.7.1.4)
      ast (~> 2.4.1)
    pry (0.13.1)
      coderay (~> 1.1)
      method_source (~> 1.0)
    puma (4.3.6)
      nio4r (~> 2.0)
    rack (2.2.3)
    rack-protection (2.1.0)
      rack
    rack-test (1.1.0)
      rack (>= 1.0, < 3)
    rainbow (3.0.0)
    rake (13.0.1)
    regexp_parser (1.7.1)
    rexml (3.2.4)
    rubocop (0.89.1)
      parallel (~> 1.10)
      parser (>= 2.7.1.1)
      rainbow (>= 2.2.2, < 4.0)
      regexp_parser (>= 1.7)
      rexml
      rubocop-ast (>= 0.3.0, < 1.0)
      ruby-progressbar (~> 1.7)
      unicode-display_width (>= 1.4.0, < 2.0)
    rubocop-ast (0.3.0)
      parser (>= 2.7.1.4)
    rubocop-performance (1.7.1)
      rubocop (>= 0.82.0)
    ruby-progressbar (1.10.1)
    ruby2_keywords (0.0.2)
    sinatra (2.1.0)
      mustermann (~> 1.0)
      rack (~> 2.2)
      rack-protection (= 2.1.0)
      tilt (~> 2.0)
    standard (0.5.2)
      rubocop (~> 0.89.1)
      rubocop-performance (~> 1.7.1)
    tilt (2.0.10)
    unicode-display_width (1.7.0)

PLATFORMS
  ruby

DEPENDENCIES
  minitest
  pry
  puma
  rack-test
  rake
  sinatra
  standard

RUBY VERSION
   ruby 2.7.1p83

BUNDLED WITH
   2.1.4
