GEM
  remote: https://rubygems.org/
  specs:
    codacy-coverage (2.1.0)
      simplecov
    coderay (1.1.2)
    docile (1.3.1)
    json (2.2.0)
    method_source (0.9.2)
    minitest (5.11.3)
    mustermann (1.0.3)
    pry (0.12.2)
      coderay (~> 1.1.0)
      method_source (~> 0.9.0)
    puma (3.12.1)
    rack (2.0.6)
    rack-protection (2.0.5)
      rack
    rack-test (1.1.0)
      rack (>= 1.0, < 3)
    rake (12.3.2)
    simplecov (0.16.1)
      docile (~> 1.1)
      json (>= 1.8, < 3)
      simplecov-html (~> 0.10.0)
    simplecov-html (0.10.2)
    sinatra (2.0.5)
      mustermann (~> 1.0)
      rack (~> 2.0)
      rack-protection (= 2.0.5)
      tilt (~> 2.0)
    tilt (2.0.9)

PLATFORMS
  ruby

DEPENDENCIES
  codacy-coverage
  minitest
  pry
  puma
  rack-test
  rake
  sinatra

RUBY VERSION
   ruby 2.6.2p47

BUNDLED WITH
   2.0.1
