GEM
  remote: https://rubygems.org/
  specs:
    codacy-coverage (2.0.1)
      simplecov
    codeclimate-test-reporter (1.0.8)
      simplecov (<= 0.13)
    coderay (1.1.2)
    docile (1.1.5)
    json (2.1.0)
    method_source (0.9.0)
    minitest (5.11.3)
    mustermann (1.0.2)
    pry (0.11.3)
      coderay (~> 1.1.0)
      method_source (~> 0.9.0)
    puma (3.12.0)
    rack (2.0.5)
    rack-protection (2.0.3)
      rack
    rack-test (1.1.0)
      rack (>= 1.0, < 3)
    rake (12.3.1)
    simplecov (0.13.0)
      docile (~> 1.1.0)
      json (>= 1.8, < 3)
      simplecov-html (~> 0.10.0)
    simplecov-html (0.10.2)
    sinatra (2.0.3)
      mustermann (~> 1.0)
      rack (~> 2.0)
      rack-protection (= 2.0.3)
      tilt (~> 2.0)
    tilt (2.0.8)

PLATFORMS
  ruby

DEPENDENCIES
  codacy-coverage
  codeclimate-test-reporter
  minitest
  pry
  puma
  rack-test
  rake
  simplecov
  sinatra

RUBY VERSION
   ruby 2.5.1p57

BUNDLED WITH
   1.16.1
