GEM
  remote: https://rubygems.org/
  specs:
    ast (2.4.0)
    coderay (1.1.2)
    jaro_winkler (1.5.3)
    method_source (0.9.2)
    minitest (5.11.3)
    mustermann (1.0.3)
    nio4r (2.4.0)
    parallel (1.17.0)
    parser (2.6.3.0)
      ast (~> 2.4.0)
    pry (0.12.2)
      coderay (~> 1.1.0)
      method_source (~> 0.9.0)
    puma (4.1.0)
      nio4r (~> 2.0)
    rack (2.0.7)
    rack-protection (2.0.5)
      rack
    rack-test (1.1.0)
      rack (>= 1.0, < 3)
    rainbow (3.0.0)
    rake (12.3.3)
    rubocop (0.72.0)
      jaro_winkler (~> 1.5.1)
      parallel (~> 1.10)
      parser (>= 2.6)
      rainbow (>= 2.2.2, < 4.0)
      ruby-progressbar (~> 1.7)
      unicode-display_width (>= 1.4.0, < 1.7)
    rubocop-performance (1.4.1)
      rubocop (>= 0.71.0)
    ruby-progressbar (1.10.1)
    sinatra (2.0.5)
      mustermann (~> 1.0)
      rack (~> 2.0)
      rack-protection (= 2.0.5)
      tilt (~> 2.0)
    standard (0.1.2)
      rubocop (~> 0.72.0)
      rubocop-performance (~> 1.4.0)
    tilt (2.0.9)
    unicode-display_width (1.6.0)

PLATFORMS
  ruby

DEPENDENCIES
  minitest
  pry
  puma
  rack-test
  rake
  sinatra
  standard

RUBY VERSION
   ruby 2.6.3p62

BUNDLED WITH
   2.0.2
